GEM
  remote: http://rubygems.org/
  specs:
    activemodel (3.1.3)
      activesupport (= 3.1.3)
      builder (~> 3.0.0)
      i18n (~> 0.6)
    activerecord (3.1.3)
      activemodel (= 3.1.3)
      activesupport (= 3.1.3)
      arel (~> 2.2.1)
      tzinfo (~> 0.3.29)
    activesupport (3.1.3)
      multi_json (~> 1.0)
    arel (2.2.1)
    builder (3.0.0)
    escape (0.0.4)
    i18n (0.6.0)
    json (1.6.5)
    multi_json (1.0.4)
    mysql2 (0.3.11)
    nokogiri (1.5.0)
    trollop (1.16.2)
    tzinfo (0.3.31)

PLATFORMS
  ruby

DEPENDENCIES
  activerecord (~> 3.1.3)
  escape (~> 0.0.4)
  json
  mysql2
  nokogiri (~> 1.5.0)
  trollop
